GEM
  remote: https://rubygems.org/
  specs:
    faraday (0.9.2)
      multipart-post (>= 1.2, < 3)
    faraday_middleware (0.10.0)
      faraday (>= 0.7.4, < 0.10)
    json (1.8.3)
    multipart-post (2.0.0)
    passenger (5.0.28)
      rack
      rake (>= 0.8.1)
    rack (1.6.4)
    rack-protection (1.5.3)
      rack
    rake (11.2.2)
    rufus-scheduler (3.2.1)
    sinatra (1.4.7)
      rack (~> 1.5)
      rack-protection (~> 1.4)
      tilt (>= 1.3, < 3)
    tilt (2.0.5)
    usagewatch (0.0.7)
    usagewatch_ext (0.2.1)
      usagewatch (~> 0.0.6)

PLATFORMS
  ruby

DEPENDENCIES
  faraday
  faraday_middleware
  json
  passenger
  rufus-scheduler
  sinatra
  usagewatch_ext

RUBY VERSION
   ruby 2.2.4p230

BUNDLED WITH
   1.12.5
